GIT
  remote: https://github.com/nikhilmat/test-queue.git
  revision: e2ddfb34fd60b5ab4b35538810e08dd4afa02144
  branch: nm-simplecov-support
  specs:
    test-queue (0.4.2)

GEM
  specs:
    diff-lcs (1.3)
    docile (1.1.5)
    json (2.1.0)
    rspec (3.6.0)
      rspec-core (~> 3.6.0)
      rspec-expectations (~> 3.6.0)
      rspec-mocks (~> 3.6.0)
    rspec-core (3.6.0)
      rspec-support (~> 3.6.0)
    rspec-expectations (3.6.0)
      diff-lcs (>= 1.2.0, < 2.0)
      rspec-support (~> 3.6.0)
    rspec-mocks (3.6.0)
      diff-lcs (>= 1.2.0, < 2.0)
      rspec-support (~> 3.6.0)
    rspec-support (3.6.0)
    simplecov (0.15.0)
      docile (~> 1.1.0)
      json (>= 1.8, < 3)
      simplecov-html (~> 0.10.0)
    simplecov-html (0.10.2)

PLATFORMS
  ruby

DEPENDENCIES
  rspec
  simplecov
  test-queue!

BUNDLED WITH
   1.15.4
